GEM
  remote: https://rubygems.org/
  specs:
    ansi (1.5.0)
    builder (3.2.4)
    minitest (5.13.0)
    minitest-reporters (1.4.2)
      ansi
      builder
      minitest (>= 5.0)
      ruby-progressbar
    nio4r (2.5.4)
    puma (5.1.0)
      nio4r (~> 2.0)
    rack (2.2.3)
    ruby-progressbar (1.10.1)

PLATFORMS
  ruby

DEPENDENCIES
  bundler (= 2.1.4)
  minitest (= 5.13.0)
  minitest-reporters
  puma
  rack (= 2.2.3)

RUBY VERSION
   ruby 2.7.2p137

BUNDLED WITH
   2.1.4
